PATH
  remote: .
  specs:
    attributes_cache (0.1.0)

GEM
  remote: https://rubygems.org/
  specs:
    rake (12.3.3)

PLATFORMS
  ruby

DEPENDENCIES
  attributes_cache!
  rake (~> 12.0)

BUNDLED WITH
   2.1.4
